GEM
  remote: https://rubygems.org/
  specs:
    actioncable (6.0.5.1)
      actionpack (= 6.0.5.1)
      nio4r (~> 2.0)
      websocket-driver (>= 0.6.1)
    actionmailbox (6.0.5.1)
      actionpack (= 6.0.5.1)
      activejob (= 6.0.5.1)
      activerecord (= 6.0.5.1)
      activestorage (= 6.0.5.1)
      activesupport (= 6.0.5.1)
      mail (>= 2.7.1)
    actionmailer (6.0.5.1)
      actionpack (= 6.0.5.1)
      actionview (= 6.0.5.1)
      activejob (= 6.0.5.1)
      mail (~> 2.5, >= 2.5.4)
      rails-dom-testing (~> 2.0)
    actionpack (6.0.5.1)
      actionview (= 6.0.5.1)
      activesupport (= 6.0.5.1)
      rack (~> 2.0, >= 2.0.8)
      rack-test (>= 0.6.3)
      rails-dom-testing (~> 2.0)
      rails-html-sanitizer (~> 1.0, >= 1.2.0)
    actiontext (6.0.5.1)
      actionpack (= 6.0.5.1)
      activerecord (= 6.0.5.1)
      activestorage (= 6.0.5.1)
      activesupport (= 6.0.5.1)
      nokogiri (>= 1.8.5)
    actionview (6.0.5.1)
      activesupport (= 6.0.5.1)
      builder (~> 3.1)
      erubi (~> 1.4)
      rails-dom-testing (~> 2.0)
      rails-html-sanitizer (~> 1.1, >= 1.2.0)
    activejob (6.0.5.1)
      activesupport (= 6.0.5.1)
      globalid (>= 0.3.6)
    activemodel (6.0.5.1)
      activesupport (= 6.0.5.1)
    activerecord (6.0.5.1)
      activemodel (= 6.0.5.1)
      activesupport (= 6.0.5.1)
    activerecord-nulldb-adapter (0.8.0)
      activerecord (>= 5.2.0, < 7.1)
    activestorage (6.0.5.1)
      actionpack (= 6.0.5.1)
      activejob (= 6.0.5.1)
      activerecord (= 6.0.5.1)
      marcel (~> 1.0)
    activesupport (6.0.5.1)
      concurrent-ruby (~> 1.0, >= 1.0.2)
      i18n (>= 0.7, < 2)
      minitest (~> 5.1)
      tzinfo (~> 1.1)
      zeitwerk (~> 2.2, >= 2.2.2)
    acts-as-taggable-on (9.0.1)
      activerecord (>= 6.0, < 7.1)
    addressable (2.8.0)
      public_suffix (>= 2.0.2, < 5.0)
    ancestry (2.2.2)
      activerecord (>= 3.0.0)
    annotate (3.2.0)
      activerecord (>= 3.2, < 8.0)
      rake (>= 10.4, < 14.0)
    aws-eventstream (1.2.0)
    aws-partitions (1.619.0)
    aws-sdk-core (3.132.0)
      aws-eventstream (~> 1, >= 1.0.2)
      aws-partitions (~> 1, >= 1.525.0)
      aws-sigv4 (~> 1.1)
      jmespath (~> 1, >= 1.6.1)
    aws-sdk-kms (1.58.0)
      aws-sdk-core (~> 3, >= 3.127.0)
      aws-sigv4 (~> 1.1)
    aws-sdk-s3 (1.114.0)
      aws-sdk-core (~> 3, >= 3.127.0)
      aws-sdk-kms (~> 1)
      aws-sigv4 (~> 1.4)
    aws-sigv4 (1.5.1)
      aws-eventstream (~> 1, >= 1.0.2)
    bcrypt (3.1.18)
    better_delayed_job_web (1.3.12)
      activerecord (> 3.0.0)
      delayed_job (> 2.0.3)
      sinatra (>= 1.4.4)
    bindex (0.8.1)
    bootsnap (1.13.0)
      msgpack (~> 1.2)
    bootstrap4-kaminari-views (1.0.1)
      kaminari (>= 0.13)
      rails (>= 3.1)
    builder (3.2.4)
    byebug (11.1.3)
    choice (0.2.0)
    codeclimate-test-reporter (1.0.9)
      simplecov (<= 0.13)
    coderay (1.1.3)
    concurrent-ruby (1.1.10)
    crass (1.0.6)
    daemons (1.4.1)
    debase (0.2.5.beta2)
      debase-ruby_core_source (>= 0.10.12)
    debase-ruby_core_source (0.10.16)
    delayed_job (4.1.10)
      activesupport (>= 3.0, < 8.0)
    delayed_job_active_record (4.1.7)
      activerecord (>= 3.0, < 8.0)
      delayed_job (>= 3.0, < 5)
    devise (4.8.1)
      bcrypt (~> 3.0)
      orm_adapter (~> 0.1)
      railties (>= 4.1.0)
      responders
      warden (~> 1.2.3)
    devise-token_authenticatable (1.1.0)
      devise (>= 4.0.0, < 5.0.0)
    diff-lcs (1.5.0)
    docile (1.1.5)
    domain_name (0.5.20190701)
      unf (>= 0.0.5, < 1.0.0)
    doorkeeper (5.5.4)
      railties (>= 5)
    erubi (1.11.0)
    ethon (0.15.0)
      ffi (>= 1.15.0)
    execjs (2.8.1)
    exponent-server-sdk (0.1.0)
      typhoeus
    factory_bot (6.2.1)
      activesupport (>= 5.0.0)
    factory_bot_rails (6.2.0)
      factory_bot (~> 6.2.0)
      railties (>= 5.0.0)
    faraday (1.10.1)
      faraday-em_http (~> 1.0)
      faraday-em_synchrony (~> 1.0)
      faraday-excon (~> 1.1)
      faraday-httpclient (~> 1.0)
      faraday-multipart (~> 1.0)
      faraday-net_http (~> 1.0)
      faraday-net_http_persistent (~> 1.0)
      faraday-patron (~> 1.0)
      faraday-rack (~> 1.0)
      faraday-retry (~> 1.0)
      ruby2_keywords (>= 0.0.4)
    faraday-em_http (1.0.0)
    faraday-em_synchrony (1.0.0)
    faraday-excon (1.1.0)
    faraday-httpclient (1.0.1)
    faraday-multipart (1.0.4)
      multipart-post (~> 2)
    faraday-net_http (1.0.1)
    faraday-net_http_persistent (1.2.0)
    faraday-patron (1.0.0)
    faraday-rack (1.0.0)
    faraday-retry (1.0.3)
    ffi (1.15.5)
    formatador (1.1.0)
    globalid (1.0.0)
      activesupport (>= 5.0)
    graphiql-rails (1.4.11)
      railties
      sprockets-rails
    graphql (1.13.15)
    graphql-batch (0.5.1)
      graphql (>= 1.10, < 3)
      promise.rb (~> 0.7.2)
    graphql-client (0.18.0)
      activesupport (>= 3.0)
      graphql
    graphql-query-resolver (0.2.0)
      graphql (~> 1.0, >= 1.0.0)
    graphql-remote_loader (1.0.6)
      graphql (~> 1.9)
      graphql-batch (~> 0.3)
    guard (2.18.0)
      formatador (>= 0.2.4)
      listen (>= 2.7, < 4.0)
      lumberjack (>= 1.0.12, < 2.0)
      nenv (~> 0.1)
      notiffany (~> 0.0)
      pry (>= 0.13.0)
      shellany (~> 0.0)
      thor (>= 0.18.1)
    guard-compat (1.2.1)
    guard-rspec (4.7.3)
      guard (~> 2.1)
      guard-compat (~> 1.1)
      rspec (>= 2.99.0, < 4.0)
    hiredis (0.6.3)
    http-accept (1.7.0)
    http-cookie (1.0.5)
      domain_name (~> 0.5)
    i18n (1.12.0)
      concurrent-ruby (~> 1.0)
    icalendar (2.8.0)
      ice_cube (~> 0.16)
    ice_cube (0.16.4)
    jbuilder (2.11.5)
      actionview (>= 5.0.0)
      activesupport (>= 5.0.0)
    jmespath (1.6.1)
    jquery-rails (4.5.0)
      rails-dom-testing (>= 1, < 3)
      railties (>= 4.2.0)
      thor (>= 0.14, < 2.0)
    json (2.6.2)
    jsoneditor-rails (1.0.4)
      railties (>= 3.0)
    kaminari (1.2.2)
      activesupport (>= 4.1.0)
      kaminari-actionview (= 1.2.2)
      kaminari-activerecord (= 1.2.2)
      kaminari-core (= 1.2.2)
    kaminari-actionview (1.2.2)
      actionview
      kaminari-core (= 1.2.2)
    kaminari-activerecord (1.2.2)
      activerecord
      kaminari-core (= 1.2.2)
    kaminari-core (1.2.2)
    kgio (2.11.4)
    koala (3.2.0)
      addressable
      faraday (< 2)
      json (>= 1.8)
      rexml
    listen (3.0.8)
      rb-fsevent (~> 0.9, >= 0.9.4)
      rb-inotify (~> 0.9, >= 0.9.7)
    lograge (0.12.0)
      actionpack (>= 4)
      activesupport (>= 4)
      railties (>= 4)
      request_store (~> 1.0)
    loofah (2.18.0)
      crass (~> 1.0.2)
      nokogiri (>= 1.5.9)
    lumberjack (1.2.8)
    mail (2.7.1)
      mini_mime (>= 0.1.1)
    mailjet (1.7.0)
      activesupport (>= 3.1.0)
      rack (>= 1.4.0)
      rest-client (>= 2.0.0)
    marcel (1.0.2)
    method_source (1.0.0)
    mime-types (3.4.1)
      mime-types-data (~> 3.2015)
    mime-types-data (3.2022.0105)
    mimemagic (0.3.10)
      nokogiri (~> 1)
      rake
    mini_mime (1.1.2)
    minitest (5.16.2)
    msgpack (1.5.4)
    multipart-post (2.2.3)
    mustermann (2.0.2)
      ruby2_keywords (~> 0.0.1)
    mysql2 (0.5.4)
    nenv (0.3.0)
    netrc (0.11.0)
    nio4r (2.5.8)
    nokogiri (1.13.8-arm64-darwin)
      racc (~> 1.4)
    notiffany (0.1.3)
      nenv (~> 0.1)
      shellany (~> 0.0)
    order_as_specified (1.7)
      activerecord (>= 5.0.0)
    orm_adapter (0.5.0)
    promise.rb (0.7.4)
    pry (0.14.1)
      coderay (~> 1.1)
      method_source (~> 1.0)
    pry-byebug (3.10.1)
      byebug (~> 11.0)
      pry (>= 0.13, < 0.15)
    pry-rails (0.3.9)
      pry (>= 0.10.4)
    public_suffix (4.0.7)
    puma (3.12.6)
    racc (1.6.0)
    rack (2.2.4)
    rack-protection (2.2.2)
      rack
    rack-test (2.0.2)
      rack (>= 1.3)
    rails (6.0.5.1)
      actioncable (= 6.0.5.1)
      actionmailbox (= 6.0.5.1)
      actionmailer (= 6.0.5.1)
      actionpack (= 6.0.5.1)
      actiontext (= 6.0.5.1)
      actionview (= 6.0.5.1)
      activejob (= 6.0.5.1)
      activemodel (= 6.0.5.1)
      activerecord (= 6.0.5.1)
      activestorage (= 6.0.5.1)
      activesupport (= 6.0.5.1)
      bundler (>= 1.3.0)
      railties (= 6.0.5.1)
      sprockets-rails (>= 2.0.0)
    rails-controller-testing (1.0.5)
      actionpack (>= 5.0.1.rc1)
      actionview (>= 5.0.1.rc1)
      activesupport (>= 5.0.1.rc1)
    rails-dom-testing (2.0.3)
      activesupport (>= 4.2.0)
      nokogiri (>= 1.6)
    rails-erd (1.7.2)
      activerecord (>= 4.2)
      activesupport (>= 4.2)
      choice (~> 0.2.0)
      ruby-graphviz (~> 1.2)
    rails-html-sanitizer (1.4.3)
      loofah (~> 2.3)
    railties (6.0.5.1)
      actionpack (= 6.0.5.1)
      activesupport (= 6.0.5.1)
      method_source
      rake (>= 0.8.7)
      thor (>= 0.20.3, < 2.0)
    raindrops (0.20.0)
    rake (13.0.6)
    rb-fsevent (0.11.1)
    rb-inotify (0.10.1)
      ffi (~> 1.0)
    rb-readline (0.5.5)
    redis (4.7.1)
    remove_emoji (3.0.1)
    request_store (1.5.1)
      rack (>= 1.4)
    responders (3.0.1)
      actionpack (>= 5.0)
      railties (>= 5.0)
    rest-client (2.1.0)
      http-accept (>= 1.7.0, < 2.0)
      http-cookie (>= 1.0.2, < 2.0)
      mime-types (>= 1.16, < 4.0)
      netrc (~> 0.8)
    rexml (3.2.5)
    rollbar (3.3.1)
    rspec (3.11.0)
      rspec-core (~> 3.11.0)
      rspec-expectations (~> 3.11.0)
      rspec-mocks (~> 3.11.0)
    rspec-core (3.11.0)
      rspec-support (~> 3.11.0)
    rspec-expectations (3.11.0)
      diff-lcs (>= 1.2.0, < 2.0)
      rspec-support (~> 3.11.0)
    rspec-mocks (3.11.1)
      diff-lcs (>= 1.2.0, < 2.0)
      rspec-support (~> 3.11.0)
    rspec-rails (5.1.2)
      actionpack (>= 5.2)
      activesupport (>= 5.2)
      railties (>= 5.2)
      rspec-core (~> 3.10)
      rspec-expectations (~> 3.10)
      rspec-mocks (~> 3.10)
      rspec-support (~> 3.10)
    rspec-support (3.11.0)
    ruby-debug-ide (0.7.3)
      rake (>= 0.8.1)
    ruby-graphviz (1.2.5)
      rexml
    ruby2_keywords (0.0.5)
    sass (3.7.4)
      sass-listen (~> 4.0.0)
    sass-listen (4.0.0)
      rb-fsevent (~> 0.9, >= 0.9.4)
      rb-inotify (~> 0.9, >= 0.9.7)
    sass-rails (5.1.0)
      railties (>= 5.2.0)
      sass (~> 3.1)
      sprockets (>= 2.8, < 4.0)
      sprockets-rails (>= 2.0, < 4.0)
      tilt (>= 1.1, < 3)
    search_object (1.2.5)
    search_object_graphql (0.3.2)
      graphql (~> 1.8)
      search_object (~> 1.2.2)
    shellany (0.0.1)
    shoulda-matchers (5.1.0)
      activesupport (>= 5.2.0)
    simplecov (0.13.0)
      docile (~> 1.1.0)
      json (>= 1.8, < 3)
      simplecov-html (~> 0.10.0)
    simplecov-html (0.10.2)
    sinatra (2.2.2)
      mustermann (~> 2.0)
      rack (~> 2.2)
      rack-protection (= 2.2.2)
      tilt (~> 2.0)
    spring (2.1.1)
    spring-commands-rspec (1.0.4)
      spring (>= 0.9.1)
    spring-watcher-listen (2.0.1)
      listen (>= 2.7, < 4.0)
      spring (>= 1.2, < 3.0)
    sprockets (3.7.2)
      concurrent-ruby (~> 1.0)
      rack (> 1, < 3)
    sprockets-rails (3.4.2)
      actionpack (>= 5.2)
      activesupport (>= 5.2)
      sprockets (>= 3.0.0)
    thor (1.2.1)
    thread_safe (0.3.6)
    tilt (2.0.11)
    typhoeus (1.4.0)
      ethon (>= 0.9.0)
    tzinfo (1.2.10)
      thread_safe (~> 0.1)
    uglifier (4.2.0)
      execjs (>= 0.3.0, < 3)
    unf (0.1.4)
      unf_ext
    unf_ext (0.0.8.2)
    unicorn (6.1.0)
      kgio (~> 2.6)
      raindrops (~> 0.7)
    warden (1.2.9)
      rack (>= 2.0.9)
    web-console (4.2.0)
      actionview (>= 6.0.0)
      activemodel (>= 6.0.0)
      bindex (>= 0.4.0)
      railties (>= 6.0.0)
    websocket-driver (0.7.5)
      websocket-extensions (>= 0.1.0)
    websocket-extensions (0.1.5)
    zeitwerk (2.6.0)

PLATFORMS
  arm64-darwin-21

DEPENDENCIES
  activerecord-nulldb-adapter
  acts-as-taggable-on
  addressable
  ancestry (~> 2.1)
  annotate
  aws-sdk-s3
  better_delayed_job_web
  bootsnap (>= 1.1.0)
  bootstrap4-kaminari-views
  byebug
  codeclimate-test-reporter
  daemons
  debase
  delayed_job_active_record
  devise
  devise-token_authenticatable
  doorkeeper
  exponent-server-sdk
  factory_bot
  factory_bot_rails
  ffi (~> 1.15)
  graphiql-rails (= 1.4.11)
  graphql
  graphql-client
  graphql-query-resolver
  graphql-remote_loader
  guard
  guard-rspec
  hiredis
  icalendar
  jbuilder (~> 2.5)
  jquery-rails
  jsoneditor-rails
  kaminari
  koala
  listen (>= 3.0.5, < 3.2)
  lograge
  mailjet
  mimemagic (~> 0.3.6)
  mysql2 (= 0.5.4)
  order_as_specified
  pry-byebug
  pry-rails
  puma (~> 3.12)
  rails (~> 6.0.5)
  rails-controller-testing
  rails-erd
  rb-readline
  redis
  remove_emoji
  rollbar
  rspec-rails
  ruby-debug-ide
  sass-rails (~> 5.0)
  search_object
  search_object_graphql (= 0.3.2)
  shoulda-matchers
  simplecov
  spring
  spring-commands-rspec
  spring-watcher-listen (~> 2.0.0)
  tzinfo-data
  uglifier (>= 1.3.0)
  unicorn
  web-console (>= 3.3.0)

RUBY VERSION
   ruby 3.0.3p157

BUNDLED WITH
   2.3.20
